STORAGE: NONE
RESTRICTION: == net6.0
NUGET
  remote: https://api.nuget.org/v3/index.json
    Fable.Remoting.Giraffe (5.9) - copy_local: false
      Fable.Remoting.Server (>= 5.29)
      FSharp.Core (>= 5.0)
      Giraffe (>= 5.0)
      Microsoft.IO.RecyclableMemoryStream (>= 2.1.3)
    Fable.Remoting.Json (2.21) - copy_local: false
      FSharp.Core (>= 4.7.2)
      Newtonsoft.Json (>= 12.0.2)
    Fable.Remoting.MsgPack (1.16) - copy_local: false
      FSharp.Core (>= 4.7.2)
    Fable.Remoting.Server (5.29) - copy_local: false
      Fable.Remoting.Json (>= 2.21)
      Fable.Remoting.MsgPack (>= 1.16)
      FSharp.Core (>= 4.7.2)
      Microsoft.IO.RecyclableMemoryStream (>= 2.1.3)
    FSharp.Core (6.0.4) - content: none
    Giraffe (6.0) - copy_local: false
      FSharp.Core (>= 6.0.1)
      Giraffe.ViewEngine (>= 1.3)
      Microsoft.IO.RecyclableMemoryStream (>= 2.2)
      Newtonsoft.Json (>= 13.0.1)
      System.Text.Json (>= 6.0.2)
      Utf8Json (>= 1.3.7)
    Giraffe.ViewEngine (1.4) - copy_local: false
      FSharp.Core (>= 5.0)
    Microsoft.IO.RecyclableMemoryStream (2.2) - copy_local: false
    Newtonsoft.Json (13.0.1) - copy_local: false
    NicoVIII.CompleteInformation.PluginBase (0.1.5) - copy_local: false
      Fable.Remoting.Giraffe (>= 5.9)
      FSharp.Core (>= 6.0)
    System.Reflection.Emit (4.7) - copy_local: false
    System.Reflection.Emit.Lightweight (4.7) - copy_local: false
    System.Runtime.CompilerServices.Unsafe (6.0) - copy_local: false
    System.Text.Encodings.Web (6.0) - copy_local: false
      System.Runtime.CompilerServices.Unsafe (>= 6.0)
    System.Text.Json (6.0.4) - copy_local: false
      System.Runtime.CompilerServices.Unsafe (>= 6.0)
      System.Text.Encodings.Web (>= 6.0)
    System.Threading.Tasks.Extensions (4.5.4) - copy_local: false
    System.ValueTuple (4.5) - copy_local: false
    Utf8Json (1.3.7) - copy_local: false
      System.Reflection.Emit (>= 4.3)
      System.Reflection.Emit.Lightweight (>= 4.3)
      System.Threading.Tasks.Extensions (>= 4.4)
      System.ValueTuple (>= 4.4)
